PATH
  remote: .
  specs:
    grid_generator (0.1.12)
      matrix (~> 0.4.2)

GEM
  remote: https://rubygems.org/
  specs:
    matrix (0.4.2)
    minitest (5.17.0)
    rake (13.0.6)

PLATFORMS
  arm64-darwin-21

DEPENDENCIES
  grid_generator!
  minitest (~> 5.0)
  rake (~> 13.0)

BUNDLED WITH
   2.4.6
